GIT
  remote: git://github.com/nickcharlton/boxes.git
  revision: 129c4a1d6871626c65eebbee07ddefeb68a65669
  specs:
    boxes (2.3.0)
      claide (~> 0.9)
      colored (~> 1.2)

GEM
  remote: https://rubygems.org/
  specs:
    atlas (1.3.0)
      excon (~> 0.45)
      json (~> 1.8)
    claide (0.9.1)
    colored (1.2)
    excon (0.52.0)
    jenkins_api_client (1.4.4)
      json (~> 1.0)
      mixlib-shellout (>= 1.1.0)
      nokogiri (~> 1.6.0)
      rack (~> 1.0)
      socksify (>= 1.7.0)
      terminal-table (>= 1.4.0)
      thor (>= 0.16.0)
    json (1.8.3)
    mini_portile2 (2.1.0)
    mixlib-shellout (2.2.7)
    nokogiri (1.6.8)
      mini_portile2 (~> 2.1.0)
      pkg-config (~> 1.1.7)
    pkg-config (1.1.7)
    rack (1.6.4)
    socksify (1.7.0)
    terminal-table (1.7.2)
      unicode-display_width (~> 1.1.1)
    thor (0.19.1)
    unicode-display_width (1.1.1)

PLATFORMS
  ruby

DEPENDENCIES
  atlas (~> 1.2)
  boxes!
  jenkins_api_client (~> 1.4)

BUNDLED WITH
   1.11.2
