GEM
  remote: https://rubygems.org/
  specs:
    atlas (1.6.0)
      excon (~> 0.45)
    boxes (3.0.0)
      claide
      colored
    claide (1.0.2)
    colored (1.2)
    excon (0.60.0)
    jenkins_api_client (1.5.3)
      json (>= 1.0)
      mixlib-shellout (>= 1.1.0)
      nokogiri (~> 1.6)
      socksify (>= 1.7.0)
      terminal-table (>= 1.4.0)
      thor (>= 0.16.0)
    json (2.1.0)
    mini_portile2 (2.1.0)
    mixlib-shellout (2.2.7)
    nokogiri (1.7.1)
      mini_portile2 (~> 2.1.0)
    socksify (1.7.1)
    terminal-table (1.7.3)
      unicode-display_width (~> 1.1.1)
    thor (0.19.4)
    unicode-display_width (1.1.3)

PLATFORMS
  ruby

DEPENDENCIES
  atlas
  boxes (= 3.0.0)
  jenkins_api_client (~> 1.4)

BUNDLED WITH
   1.16.0
