GEM
  remote: https://rubygems.org/
  specs:
    atlas (2.0.0)
      excon (~> 0.45)
    boxes (3.4.0)
      claide
      colored
    claide (1.0.2)
    colored (1.2)
    excon (0.71.1)
    jenkins_api_client (1.5.3)
      json (>= 1.0)
      mixlib-shellout (>= 1.1.0)
      nokogiri (~> 1.6)
      socksify (>= 1.7.0)
      terminal-table (>= 1.4.0)
      thor (>= 0.16.0)
    json (2.3.0)
    mini_portile2 (2.4.0)
    mixlib-shellout (2.4.0)
    nokogiri (1.10.8)
      mini_portile2 (~> 2.4.0)
    socksify (1.7.1)
    terminal-table (1.8.0)
      unicode-display_width (~> 1.1, >= 1.1.1)
    thor (0.20.3)
    unicode-display_width (1.4.0)

PLATFORMS
  ruby

DEPENDENCIES
  atlas
  boxes
  jenkins_api_client (~> 1.4)

BUNDLED WITH
   1.17.1
