GEM
  remote: https://rubygems.org/
  specs:
    atlas (1.2.1)
      excon (~> 0.45)
      json (~> 1.8)
    excon (0.45.4)
    json (1.8.3)
    rake (10.4.2)

PLATFORMS
  ruby

DEPENDENCIES
  atlas (~> 1.2)
  rake (~> 10.4)

BUNDLED WITH
   1.10.6
