GIT
  remote: git://github.com/nickcharlton/boxes.git
  revision: 6a5f68a91e6d172209964501ca127985041a838f
  specs:
    boxes (2.3.0)
      claide (~> 0.9)
      colored (~> 1.2)

GEM
  remote: https://rubygems.org/
  specs:
    atlas (1.4.0)
      excon (~> 0.45)
    claide (0.9.1)
    colored (1.2)
    excon (0.53.0)
    jenkins_api_client (1.4.5)
      json (~> 1.0)
      mixlib-shellout (>= 1.1.0)
      nokogiri (~> 1.6.0)
      socksify (>= 1.7.0)
      terminal-table (>= 1.4.0)
      thor (>= 0.16.0)
    json (1.8.3)
    mini_portile2 (2.1.0)
    mixlib-shellout (2.2.7)
    nokogiri (1.6.8.1)
      mini_portile2 (~> 2.1.0)
    ruby-progressbar (1.7.5)
    socksify (1.7.0)
    terminal-table (1.7.3)
      unicode-display_width (~> 1.1.1)
    thor (0.19.1)
    unicode-display_width (1.1.1)

PLATFORMS
  ruby

DEPENDENCIES
  atlas (~> 1.2)
  boxes!
  jenkins_api_client (~> 1.4)
  ruby-progressbar

BUNDLED WITH
   1.11.2
