GIT
  remote: git://github.com/nickcharlton/boxes.git
  revision: 0d7e29a8e8f971652d72fed4fd7a349bf1c6f8c0
  specs:
    boxes (2.3.0)
      claide (~> 0.9)
      colored (~> 1.2)

GEM
  remote: https://rubygems.org/
  specs:
    atlas (1.3.0)
      excon (~> 0.45)
      json (~> 1.8)
    claide (0.9.1)
    colored (1.2)
    excon (0.49.0)
    jenkins_api_client (1.4.2)
      json
      mixlib-shellout (>= 1.1.0)
      nokogiri (~> 1.6.0)
      terminal-table (>= 1.4.0)
      thor (>= 0.16.0)
    json (1.8.3)
    mini_portile2 (2.0.0)
    mixlib-shellout (2.2.6)
    nokogiri (1.6.7.2)
      mini_portile2 (~> 2.0.0.rc2)
    terminal-table (1.5.2)
    thor (0.19.1)

PLATFORMS
  ruby

DEPENDENCIES
  atlas (~> 1.2)
  boxes!
  jenkins_api_client (~> 1.4)

BUNDLED WITH
   1.11.2
