GEM
  remote: https://rubygems.org/
  specs:
    atlas (1.2.1)
      excon (~> 0.45)
      json (~> 1.8)
    boxes (2.0.2)
      claide (~> 0.9)
      colored (~> 1.2)
    claide (0.9.1)
    colored (1.2)
    excon (0.45.4)
    jenkins_api_client (1.4.2)
      json
      mixlib-shellout (>= 1.1.0)
      nokogiri (~> 1.6.0)
      terminal-table (>= 1.4.0)
      thor (>= 0.16.0)
    json (1.8.3)
    mini_portile (0.6.2)
    mixlib-shellout (2.2.3)
    nokogiri (1.6.6.2)
      mini_portile (~> 0.6.0)
    terminal-table (1.5.2)
    thor (0.19.1)

PLATFORMS
  ruby

DEPENDENCIES
  atlas (~> 1.2)
  boxes (~> 2.0)
  jenkins_api_client (~> 1.4)

BUNDLED WITH
   1.10.6
