GEM
  remote: https://rubygems.org/
  specs:
    atlas (1.5.0)
      excon (~> 0.45)
    boxes (2.5.0)
      claide
      colored
    claide (1.0.1)
    colored (1.2)
    excon (0.55.0)
    jenkins_api_client (1.4.5)
      json (~> 1.0)
      mixlib-shellout (>= 1.1.0)
      nokogiri (~> 1.6.0)
      socksify (>= 1.7.0)
      terminal-table (>= 1.4.0)
      thor (>= 0.16.0)
    json (1.8.6)
    mini_portile2 (2.1.0)
    mixlib-shellout (2.2.7)
    nokogiri (1.6.8.1)
      mini_portile2 (~> 2.1.0)
    socksify (1.7.1)
    terminal-table (1.7.3)
      unicode-display_width (~> 1.1.1)
    thor (0.19.4)
    unicode-display_width (1.1.3)

PLATFORMS
  ruby

DEPENDENCIES
  atlas (~> 1.2)
  boxes (= 2.5.0)
  jenkins_api_client (~> 1.4)

BUNDLED WITH
   1.13.7
